GEM
  remote: http://rubygems.org/
  specs:
    dalli (2.7.11)
    mysql2 (0.5.3)
    yard (0.9.25)

PLATFORMS
  ruby

DEPENDENCIES
  dalli
  mysql2 (> 0.4)
  yard

BUNDLED WITH
   1.17.3
